PATH
  remote: .
  specs:
    exoskeleton (0.0.1)
      activesupport (= 3.0.3)
      closure-compiler
      coffee-script
      haml
      json
      rack
      sinatra
      therubyracer
      thor

GEM
  remote: http://rubygems.org/
  specs:
    activesupport (3.0.3)
    closure-compiler (0.3.3)
    coffee-script (2.1.1)
      coffee-script-source
    coffee-script-source (1.0.0)
    columnize (0.3.2)
    haml (3.0.25)
    json (1.4.6)
    linecache (0.43)
    rack (1.2.1)
    rack-test (0.5.7)
      rack (>= 1.0)
    racksh (0.9.8)
      rack (>= 1.0)
      rack-test (>= 0.5)
    ruby-debug (0.10.4)
      columnize (>= 0.1)
      ruby-debug-base (~> 0.10.4.0)
    ruby-debug-base (0.10.4)
      linecache (>= 0.3)
    sinatra (1.1.2)
      rack (~> 1.1)
      tilt (~> 1.2)
    therubyracer (0.8.0)
    thor (0.14.6)
    tilt (1.2.1)

PLATFORMS
  ruby

DEPENDENCIES
  activesupport (= 3.0.3)
  closure-compiler
  coffee-script
  exoskeleton!
  haml
  json
  rack
  racksh
  ruby-debug
  sinatra
  therubyracer
  thor
